GIT
  remote: https://github.com/skroutz/rafka-rb
  revision: f197fc6924c2588e87c5c1523fd642cd6507fd36
  specs:
    rafka (0.0.9)
      redis (~> 3.0)

GEM
  remote: https://rubygems.org/
  specs:
    minitest (5.10.3)
    redis (3.0.3)

PLATFORMS
  ruby

DEPENDENCIES
  minitest
  rafka!
  redis (= 3.0.3)

BUNDLED WITH
   1.13.6
